GEM
  remote: https://rubygems.org/
  specs:
    minitest (5.20.0)

PLATFORMS
  arm64-darwin-23
  arm64-darwin-24

DEPENDENCIES
  minitest

CHECKSUMS
  minitest (5.20.0) sha256=a3faf26a757ced073aaae0bd10481340f53e221a4f50d8a6033591555374752e

BUNDLED WITH
   2.5.22
