GEM
  remote: https://rubygems.org/
  specs:
    minitest (5.20.0)

PLATFORMS
  arm64-darwin-23

DEPENDENCIES
  minitest

CHECKSUMS
  minitest (5.20.0)

BUNDLED WITH
   2.5.0.dev
